GIT
  remote: git://github.com/beastaugh/verification.git
  revision: 9f7a8d26cbec184b746059b78546083f8dac9af8
  specs:
    verification (1.0.2)
      actionpack (>= 3.0.0, < 3.2.0)
      activesupport (>= 3.0.0, < 3.2.0)

GIT
  remote: git://github.com/plataformatec/devise.git
  revision: 7693173ecd7f9b4198fafabafa3bdced7fab16d3
  specs:
    devise (1.5.2)
      bcrypt-ruby (~> 3.0)
      orm_adapter (~> 0.0.3)
      warden (~> 1.1)

GIT
  remote: git://github.com/vhochstein/active_scaffold.git
  revision: 87d0ef321cfa48f9a4ea364b6a544450822e35d1
  specs:
    active_scaffold_vho (3.1.0)
      rails (~> 3.1.0)
      render_component_vho

GIT
  remote: git://github.com/vhochstein/jquery-rails.git
  revision: 80255c4ab9fbac6991e49592955d6c681665980e
  specs:
    jquery-rails_vho (0.0.3)
      railties (~> 3.0)
      thor (~> 0.14)

GIT
  remote: git://github.com/vhochstein/render_component.git
  revision: 310ad945a7bcd520e5110293e54654b6559b3b51
  specs:
    render_component_vho (3.1.1)
      railties (~> 3.1.0)

GEM
  remote: http://rubygems.org/
  specs:
    actionmailer (3.1.0)
      actionpack (= 3.1.0)
      mail (~> 2.3.0)
    actionpack (3.1.0)
      activemodel (= 3.1.0)
      activesupport (= 3.1.0)
      builder (~> 3.0.0)
      erubis (~> 2.7.0)
      i18n (~> 0.6)
      rack (~> 1.3.2)
      rack-cache (~> 1.0.3)
      rack-mount (~> 0.8.2)
      rack-test (~> 0.6.1)
      sprockets (~> 2.0.0)
    activemodel (3.1.0)
      activesupport (= 3.1.0)
      bcrypt-ruby (~> 3.0.0)
      builder (~> 3.0.0)
      i18n (~> 0.6)
    activerecord (3.1.0)
      activemodel (= 3.1.0)
      activesupport (= 3.1.0)
      arel (~> 2.2.1)
      tzinfo (~> 0.3.29)
    activeresource (3.1.0)
      activemodel (= 3.1.0)
      activesupport (= 3.1.0)
    activesupport (3.1.0)
      multi_json (~> 1.0)
    ansi (1.4.1)
    arel (2.2.1)
    barometer (0.7.3)
      httparty (>= 0.4.5)
      nokogiri
      tzinfo (>= 0.3.14)
    bcrypt-ruby (3.0.1-x86-mingw32)
    bcrypt-ruby (3.0.1)
    builder (3.0.0)
    capybara (1.1.2)
      mime-types (>= 1.16)
      nokogiri (>= 1.3.3)
      rack (>= 1.0.0)
      rack-test (>= 0.5.4)
      selenium-webdriver (~> 2.0)
      xpath (~> 0.1.4)
    childprocess (0.2.4)
      ffi (~> 1.0.6)
    coffee-rails (3.1.1)
      coffee-script (>= 2.2.0)
      railties (~> 3.1.0)
    coffee-script (2.2.0)
      coffee-script-source
      execjs
    coffee-script-source (1.1.3)
    cucumber (1.1.4)
      builder (>= 2.1.2)
      diff-lcs (>= 1.1.2)
      gherkin (~> 2.7.1)
      json (>= 1.4.6)
      term-ansicolor (>= 1.0.6)
    diff-lcs (1.1.3)
    erubis (2.7.0)
    execjs (1.2.11)
      multi_json (~> 1.0)
    ffi (1.0.11)
    gherkin (2.7.1-x86-mingw32)
    gherkin (2.7.1)
      json (>= 1.4.6)
    hike (1.2.1)
    httparty (0.8.1)
      multi_json
      multi_xml
    i18n (0.6.0)
    json (1.6.3)
    mail (2.3.0)
      i18n (>= 0.4.0)
      mime-types (~> 1.16)
      treetop (~> 1.4.8)
    mime-types (1.17.2)
    multi_json (1.0.4)
    multi_xml (0.4.1)
    mysql2 (0.3.11-x86-mingw32)
    mysql2 (0.3.11)
    nokogiri (1.5.0-x86-mingw32)
    nokogiri (1.5.0)
    orm_adapter (0.0.5)
    polyglot (0.3.3)
    rack (1.3.5)
    rack-cache (1.0.3)
      rack (>= 0.4)
    rack-mount (0.8.3)
      rack (>= 1.0.0)
    rack-ssl (1.3.2)
      rack
    rack-test (0.6.1)
      rack (>= 1.0)
    rails (3.1.0)
      actionmailer (= 3.1.0)
      actionpack (= 3.1.0)
      activerecord (= 3.1.0)
      activeresource (= 3.1.0)
      activesupport (= 3.1.0)
      bundler (~> 1.0)
      railties (= 3.1.0)
    railties (3.1.0)
      actionpack (= 3.1.0)
      activesupport (= 3.1.0)
      rack-ssl (~> 1.3.2)
      rake (>= 0.8.7)
      rdoc (~> 3.4)
      thor (~> 0.14.6)
    rake (0.9.2.2)
    rdoc (3.11)
      json (~> 1.4)
    rspec (2.7.0)
      rspec-core (~> 2.7.0)
      rspec-expectations (~> 2.7.0)
      rspec-mocks (~> 2.7.0)
    rspec-core (2.7.1)
    rspec-expectations (2.7.0)
      diff-lcs (~> 1.1.2)
    rspec-mocks (2.7.0)
    rubyzip (0.9.5)
    sass (3.1.11)
    sass-rails (3.1.5)
      actionpack (~> 3.1.0)
      railties (~> 3.1.0)
      sass (~> 3.1.10)
      tilt (~> 1.3.2)
    selenium-webdriver (2.15.0)
      childprocess (>= 0.2.1)
      ffi (~> 1.0.9)
      multi_json (~> 1.0.4)
      rubyzip
    sprockets (2.0.3)
      hike (~> 1.2)
      rack (~> 1.0)
      tilt (!= 1.3.0, ~> 1.1)
    term-ansicolor (1.0.7)
    thor (0.14.6)
    tilt (1.3.3)
    treetop (1.4.10)
      polyglot
      polyglot (>= 0.3.1)
    turn (0.8.3)
      ansi
    tzinfo (0.3.31)
    uglifier (1.1.0)
      execjs (>= 0.3.0)
      multi_json (>= 1.0.2)
    warden (1.1.0)
      rack (>= 1.0)
    will_paginate (3.0.2)
    xpath (0.1.4)
      nokogiri (~> 1.3)

PLATFORMS
  x86-mingw32

DEPENDENCIES
  active_scaffold_vho!
  barometer
  capybara
  coffee-rails (~> 3.1.0)
  cucumber
  devise!
  jquery-rails_vho!
  mysql2
  nokogiri
  rails (= 3.1.0)
  render_component_vho!
  rspec
  sass-rails (~> 3.1.0)
  turn
  uglifier
  verification!
  will_paginate
